PATH
  remote: .
  specs:
    lookout-zipkin-tracer (0.4.0-java)
      finagle-thrift (~> 1.3.0)
      hermann (~> 0.20.1)
      rack
      scribe (~> 0.2.4)

GEM
  remote: https://rubygems.org/
  specs:
    concurrent-ruby (0.7.1-java)
    diff-lcs (1.2.5)
    finagle-thrift (1.3.1)
    hermann (0.20.1-java)
      concurrent-ruby (~> 0.7.0)
      jar-dependencies (~> 0.1.2)
      thread_safe (~> 0.3.4)
      zk (~> 1.9.4)
    jar-dependencies (0.1.7)
    little-plugger (1.1.3)
    logging (1.8.2)
      little-plugger (>= 1.1.3)
      multi_json (>= 1.8.4)
    multi_json (1.10.1)
    rack (1.6.0)
    rack-test (0.6.2)
      rack (>= 1.0)
    rake (10.4.2)
    rspec (3.0.0)
      rspec-core (~> 3.0.0)
      rspec-expectations (~> 3.0.0)
      rspec-mocks (~> 3.0.0)
    rspec-core (3.0.4)
      rspec-support (~> 3.0.0)
    rspec-expectations (3.0.4)
      diff-lcs (>= 1.2.0, < 2.0)
      rspec-support (~> 3.0.0)
    rspec-mocks (3.0.4)
      rspec-support (~> 3.0.0)
    rspec-support (3.0.4)
    scribe (0.2.4)
      rake
      thrift_client (~> 0.6)
    slyphon-log4j (1.2.15)
    slyphon-zookeeper_jar (3.3.5-java)
    thread_safe (0.3.4-java)
    thrift (0.9.2.0)
    thrift_client (0.9.3)
      thrift (~> 0.9.0)
    zk (1.9.4)
      logging (~> 1.8.2)
      zookeeper (~> 1.4.0)
    zookeeper (1.4.9-java)
      slyphon-log4j (= 1.2.15)
      slyphon-zookeeper_jar (= 3.3.5)

PLATFORMS
  java

DEPENDENCIES
  lookout-zipkin-tracer!
  rack-test
  rspec (~> 3.0.0)
